STORAGE: NONE
RESTRICTION: == net472
NUGET
  remote: https://api.nuget.org/v3/index.json
    Expecto (8.13.1)
      FSharp.Core (>= 4.3.4)
      Mono.Cecil (>= 0.11)
    Fable.Core (3.1.4) - restriction: && (== net472) (== netstandard2.0)
    FSharp.Core (4.7) - redirects: force
    Microsoft.AspNet.WebApi.Client (5.2.3)
      Newtonsoft.Json (>= 6.0.4)
    Mono.Cecil (0.11.1)
    Newtonsoft.Json (11.0.2)
    Thoth.Json.Net (3.6)
      FSharp.Core (>= 4.6.2)
      Newtonsoft.Json (>= 11.0.2)
