STORAGE: NONE
RESTRICTION: == net46
NUGET
  remote: https://www.nuget.org/api/v2
    Expecto (8.11)
    Fable.Core (3.0) - restriction: && (== net46) (== netstandard2.0)
    FSharp.Core (4.7) - redirects: force
    Microsoft.AspNet.WebApi.Client (5.2.3)
      Newtonsoft.Json (>= 6.0.4)
    Newtonsoft.Json (11.0.2)
    Thoth.Json.Net (3.5.1)
      FSharp.Core (>= 4.6.2)
      Newtonsoft.Json (>= 11.0.2)
